PATH
  remote: .
  specs:
    dynamo-autoscale (0.1)
      aws-sdk
      colored
      rbtree
      ruby-prof

GEM
  remote: https://rubygems.org/
  specs:
    activesupport (3.2.13)
      i18n (= 0.6.1)
      multi_json (~> 1.0)
    aws-sdk (1.11.2)
      json (~> 1.4)
      nokogiri (< 1.6.0)
      uuidtools (~> 2.1)
    bond (0.4.3)
    coderay (1.0.9)
    colored (1.2)
    diff-lcs (1.2.4)
    i18n (0.6.1)
    json (1.8.0)
    method_source (0.8.1)
    multi_json (1.7.6)
    nokogiri (1.5.10)
    pry (0.9.12.2)
      coderay (~> 1.0.5)
      method_source (~> 0.8)
      slop (~> 3.4)
    rbtree (0.4.1)
    ripl (0.7.0)
      bond (~> 0.4.2)
    rspec (2.13.0)
      rspec-core (~> 2.13.0)
      rspec-expectations (~> 2.13.0)
      rspec-mocks (~> 2.13.0)
    rspec-core (2.13.1)
    rspec-expectations (2.13.0)
      diff-lcs (>= 1.1.3, < 2.0)
    rspec-mocks (2.13.1)
    ruby-prof (0.13.0)
    slop (3.4.5)
    timecop (0.6.1)
    uuidtools (2.1.4)

PLATFORMS
  ruby

DEPENDENCIES
  activesupport
  dynamo-autoscale!
  pry
  ripl
  rspec
  timecop
